PATH
  remote: .
  specs:
    gitmodel (0.0.8)
      activemodel (>= 3.0.1)
      activesupport (>= 3.0.1)
      dalli
      grit (>= 2.3.0)
      lockfile (>= 1.4.3)
      rake
      yajl-ruby (>= 0.8.2)

GEM
  remote: http://rubygems.org/
  specs:
    ZenTest (4.6.2)
    activemodel (3.2.8)
      activesupport (= 3.2.8)
      builder (~> 3.0.0)
    activesupport (3.2.8)
      i18n (~> 0.6)
      multi_json (~> 1.0)
    autotest (4.4.6)
      ZenTest (>= 4.4.1)
    builder (3.0.3)
    dalli (2.2.1)
    diff-lcs (1.1.3)
    grit (2.5.0)
      diff-lcs (~> 1.1)
      mime-types (~> 1.15)
      posix-spawn (~> 0.3.6)
    i18n (0.6.1)
    lockfile (2.1.0)
    mime-types (1.19)
    multi_json (1.3.6)
    posix-spawn (0.3.6)
    rake (0.9.2.2)
    rspec (2.7.0)
      rspec-core (~> 2.7.0)
      rspec-expectations (~> 2.7.0)
      rspec-mocks (~> 2.7.0)
    rspec-core (2.7.1)
    rspec-expectations (2.7.0)
      diff-lcs (~> 1.1.2)
    rspec-mocks (2.7.0)
    yajl-ruby (1.1.0)

PLATFORMS
  ruby

DEPENDENCIES
  ZenTest (>= 4.4.0)
  autotest (>= 4.4.1)
  gitmodel!
  rspec (>= 2.0.1)
